GEM
  remote: https://rubygems.org/
  specs:
    awesome_print (1.8.0)
    coderay (1.1.2)
    json (2.1.0)
    method_source (0.9.2)
    mini_portile2 (2.4.0)
    nokogiri (1.10.1)
      mini_portile2 (~> 2.4.0)
    pry (0.12.2)
      coderay (~> 1.1.0)
      method_source (~> 0.9.0)
    rack (2.0.6)

PLATFORMS
  ruby

DEPENDENCIES
  awesome_print
  json
  nokogiri
  pry
  rack

RUBY VERSION
   ruby 2.6.0p0

BUNDLED WITH
   1.17.2
